FRAMEWORK: NET46
NUGET
  remote: https://www.nuget.org/api/v2
    canopy (0.9.62)
      FSharp.Core (>= 3.0.2)
      Selenium.WebDriver (2.53.1)
    DotLiquid (2.0.55)
    FSharp.Core (4.0.0.1)
    FSharp.Data (2.3.2)
    Newtonsoft.Json (9.0.1)
    Octokit (0.23)
    RestSharp (105.2.3)
    Selenium.WebDriver (2.53.1)
    Selenium.WebDriver.ChromeDriver (2.24)
    UserVoice (0.0.5)
      Newtonsoft.Json (>= 6.0.8)
      RestSharp (>= 105.2.2)
